GEM
  remote: https://rubygems.org/
  specs:
    dotenv (2.6.0)
    trollop (2.1.3)

PLATFORMS
  ruby

DEPENDENCIES
  dotenv
  trollop

BUNDLED WITH
   1.15.3
