GEM
  remote: https://rubygems.org/
  specs:
    trollop (2.1.3)

PLATFORMS
  ruby

DEPENDENCIES
  trollop

BUNDLED WITH
   1.15.3
